GEM
  remote: http://rubygems.org/
  specs:
    adsf (1.1.1)
      rack (>= 1.0.0)
    colored (1.2)
    cri (2.4.0)
      colored (>= 1.2)
    nanoc (3.6.5)
      cri (~> 2.3)
    rack (1.5.2)
    stringex (2.1.0)

PLATFORMS
  ruby

DEPENDENCIES
  adsf
  nanoc (~> 3.6.5)
  stringex
